GEM
  remote: http://rubygems.org/
  specs:
    addressable (2.0.2)
    data_objects (0.9.11)
      addressable (~> 2.0)
      extlib (~> 0.9.9)
    dm-aggregates (0.9.11)
      dm-core (= 0.9.11)
    dm-core (0.9.11)
      addressable (~> 2.0.2)
      data_objects (~> 0.9.11)
      extlib (~> 0.9.11)
    dm-migrations (0.9.11)
      dm-core (= 0.9.11)
    dm-serializer (0.9.11)
      dm-core (= 0.9.11)
    dm-timestamps (0.9.11)
      dm-core (= 0.9.11)
    dm-validations (0.9.11)
      dm-core (= 0.9.11)
    do_mysql (0.9.11)
      data_objects (= 0.9.11)
    do_postgres (0.9.11)
      data_objects (= 0.9.11)
    extlib (0.9.15)
    json (1.4.6)
    mime-types (1.16)
    oauth (0.4.3)
    rack (1.2.1)
    sinatra (0.9.4)
      rack (>= 0.9.1)
    twitter_oauth (0.4.3)
      json (>= 1.1.9)
      mime-types (>= 1.16)
      oauth (>= 0.4.1)

PLATFORMS
  ruby

DEPENDENCIES
  addressable (= 2.0.2)
  data_objects (= 0.9.11)
  dm-aggregates (= 0.9.11)
  dm-core (= 0.9.11)
  dm-migrations (= 0.9.11)
  dm-serializer (= 0.9.11)
  dm-timestamps (= 0.9.11)
  dm-validations (= 0.9.11)
  do_mysql (= 0.9.11)
  do_postgres (= 0.9.11)
  sinatra (= 0.9.4)
  twitter_oauth (= 0.4.3)
